GIT
  remote: git://github.com/benbalter/site-inspector.git
  revision: 25efd917dae38cad177730f57f24e908e68669ec
  specs:
    site-inspector (3.1.1)
      cliver (~> 0.3)
      colorator (~> 0.1)
      dnsruby (~> 1.56)
      gman (~> 4.1)
      mercenary (~> 0.3)
      nokogiri (~> 1.6)
      oj (~> 2.11)
      parallel (~> 1.6)
      public_suffix (~> 1.4)
      sniffles (~> 0.2)
      typhoeus (~> 0.7)

GEM
  remote: https://rubygems.org/
  specs:
    addressable (2.4.0)
    cliver (0.3.2)
    coderay (1.1.1)
    colorator (0.1)
    colorize (0.7.7)
    dnsruby (1.59.2)
    ethon (0.8.1)
      ffi (>= 1.3.0)
    ffi (1.9.10)
    gman (4.7.1)
      colorize (~> 0.7)
      iso_country_codes (~> 0.6)
      naughty_or_nice (~> 0.0.2)
      swot (~> 0.4.2)
    iso_country_codes (0.7.4)
    mercenary (0.3.5)
    method_source (0.8.2)
    mini_portile2 (2.0.0)
    naughty_or_nice (0.0.4)
      addressable (~> 2.3)
      public_suffix (>= 1.2)
    nokogiri (1.6.7.2)
      mini_portile2 (~> 2.0.0.rc2)
    oj (2.14.6)
    parallel (1.6.2)
    pry (0.10.3)
      coderay (~> 1.1.0)
      method_source (~> 0.8.1)
      slop (~> 3.4)
    public_suffix (1.5.3)
    ruby-progressbar (1.7.5)
    slop (3.6.0)
    sniffles (0.2.0)
      nokogiri (~> 1.6.1)
    swot (0.4.2)
      naughty_or_nice
      public_suffix
    terminal-table (1.5.2)
    typhoeus (0.8.0)
      ethon (>= 0.8.0)

PLATFORMS
  ruby

DEPENDENCIES
  parallel
  pry
  ruby-progressbar
  site-inspector!
  terminal-table

BUNDLED WITH
   1.11.2
